PATH
  remote: .
  specs:
    rendezvous-socket (0.0.3)
      excon (~> 0.32.0)

GEM
  remote: https://rubygems.org/
  specs:
    excon (0.32.1)
    rake (10.5.0)

PLATFORMS
  ruby

DEPENDENCIES
  bundler (~> 1.3)
  rake
  rendezvous-socket!

BUNDLED WITH
   1.11.2
