PATH
  remote: .
  specs:
    rendezvous-socket (0.0.3)
      excon

GEM
  remote: https://rubygems.org/
  specs:
    diff-lcs (1.4.4)
    excon (0.82.0)
    rake (13.0.3)
    rspec (3.10.0)
      rspec-core (~> 3.10.0)
      rspec-expectations (~> 3.10.0)
      rspec-mocks (~> 3.10.0)
    rspec-core (3.10.1)
      rspec-support (~> 3.10.0)
    rspec-expectations (3.10.1)
      diff-lcs (>= 1.2.0, < 2.0)
      rspec-support (~> 3.10.0)
    rspec-mocks (3.10.2)
      diff-lcs (>= 1.2.0, < 2.0)
      rspec-support (~> 3.10.0)
    rspec-support (3.10.2)

PLATFORMS
  x86_64-darwin-19
  x86_64-linux

DEPENDENCIES
  bundler
  rake
  rendezvous-socket!
  rspec

RUBY VERSION
   ruby 3.0.1p64

BUNDLED WITH
   2.2.21
