PATH
  remote: .
  specs:
    rendezvous-socket (0.0.3)
      excon (~> 0.32.0)

GEM
  remote: https://rubygems.org/
  specs:
    diff-lcs (1.3)
    excon (0.32.1)
    rake (12.1.0)
    rspec (3.6.0)
      rspec-core (~> 3.6.0)
      rspec-expectations (~> 3.6.0)
      rspec-mocks (~> 3.6.0)
    rspec-core (3.6.0)
      rspec-support (~> 3.6.0)
    rspec-expectations (3.6.0)
      diff-lcs (>= 1.2.0, < 2.0)
      rspec-support (~> 3.6.0)
    rspec-mocks (3.6.0)
      diff-lcs (>= 1.2.0, < 2.0)
      rspec-support (~> 3.6.0)
    rspec-support (3.6.0)

PLATFORMS
  ruby

DEPENDENCIES
  bundler (~> 1.3)
  rake
  rendezvous-socket!
  rspec

RUBY VERSION
   ruby 2.4.2p198

BUNDLED WITH
   1.15.4
